GEM
  remote: https://rubygems.org/
  specs:
    addressable (2.8.7)
      public_suffix (>= 2.0.2, < 7.0)
    base64 (0.3.0)
    bigdecimal (3.2.2)
    colored2 (3.1.2)
    concurrent-ruby (1.3.5)
    cri (2.15.12)
    deep_merge (1.2.2)
    diff-lcs (1.6.2)
    erubi (1.13.1)
    facter (4.10.0)
      hocon (~> 1.3)
      thor (>= 1.0.1, < 1.3)
    faraday (2.13.1)
      faraday-net_http (>= 2.0, < 3.5)
      json
      logger
    faraday-follow_redirects (0.3.0)
      faraday (>= 1, < 3)
    faraday-net_http (3.4.1)
      net-http (>= 0.5.0)
    fast_gettext (2.4.0)
      prime
    forwardable (1.3.3)
    getoptlong (0.2.1)
    gettext (3.5.1)
      erubi
      locale (>= 2.0.5)
      prime
      racc
      text (>= 1.3.0)
    gettext-setup (1.1.0)
      fast_gettext (~> 2.1)
      gettext (~> 3.4)
      locale
    hocon (1.4.0)
    json (2.12.2)
    json-schema (5.1.1)
      addressable (~> 2.8)
      bigdecimal (~> 3.1)
    jwt (2.10.2)
      base64
    locale (2.1.4)
    log4r (1.1.10)
    logger (1.7.0)
    metadata-json-lint (4.2.1)
      json-schema (>= 2.8, < 6.0)
      semantic_puppet (~> 1.0)
      spdx-licenses (~> 1.0)
    minitar (0.12.1)
    mocha (2.7.1)
      ruby2_keywords (>= 0.0.5)
    multi_json (1.15.0)
    net-http (0.6.0)
      uri
    pathspec (2.1.0)
    prime (0.1.4)
      forwardable
      singleton
    public_suffix (6.0.2)
    puppet (8.10.0)
      concurrent-ruby (~> 1.0)
      deep_merge (~> 1.0)
      facter (>= 4.3.0, < 5)
      fast_gettext (>= 2.1, < 4)
      getoptlong (~> 0.2.0)
      locale (~> 2.1)
      multi_json (~> 1.13)
      puppet-resource_api (~> 1.5)
      scanf (~> 1.0)
      semantic_puppet (~> 1.0)
    puppet-lint (4.3.0)
    puppet-resource_api (1.9.0)
      hocon (>= 1.0)
    puppet-syntax (4.1.1)
      puppet (>= 7, < 9)
      rake (~> 13.1)
    puppet_forge (5.0.4)
      faraday (~> 2.0)
      faraday-follow_redirects (~> 0.3.0)
      minitar (< 1.0.0)
      semantic_puppet (~> 1.0)
    puppetlabs_spec_helper (8.0.0)
      mocha (>= 1.0, < 3)
      pathspec (>= 0.2, < 3)
      puppet-lint (~> 4.0)
      puppet-syntax (~> 4.1, >= 4.1.1)
      rspec-github (~> 2.0)
      rspec-puppet (~> 5.0)
    r10k (4.1.0)
      colored2 (= 3.1.2)
      cri (>= 2.15.10)
      gettext-setup (>= 0.24, < 2.0)
      jwt (>= 2.2.3, < 3)
      log4r (= 1.1.10)
      minitar (~> 0.9)
      multi_json (~> 1.10)
      puppet_forge (>= 4.1, < 6)
    racc (1.8.1)
    rake (13.3.0)
    rspec (3.13.1)
      rspec-core (~> 3.13.0)
      rspec-expectations (~> 3.13.0)
      rspec-mocks (~> 3.13.0)
    rspec-core (3.13.5)
      rspec-support (~> 3.13.0)
    rspec-expectations (3.13.5)
      diff-lcs (>= 1.2.0, < 2.0)
      rspec-support (~> 3.13.0)
    rspec-github (2.4.0)
      rspec-core (~> 3.0)
    rspec-mocks (3.13.5)
      diff-lcs (>= 1.2.0, < 2.0)
      rspec-support (~> 3.13.0)
    rspec-puppet (5.0.0)
      rspec (~> 3.0)
    rspec-support (3.13.4)
    ruby2_keywords (0.0.5)
    scanf (1.0.0)
    semantic_puppet (1.1.1)
    singleton (0.3.0)
    spdx-licenses (1.3.0)
    text (1.3.1)
    thor (1.2.2)
    uri (1.0.3)

PLATFORMS
  ruby
  x86_64-linux

DEPENDENCIES
  facter (~> 4.10)
  metadata-json-lint (~> 4.0)
  puppet (~> 8.10)
  puppet-lint (~> 4.2)
  puppet-syntax (~> 4.0)
  puppetlabs_spec_helper (~> 8.0)
  r10k (~> 4.1)
  rspec-puppet (~> 5.0)

BUNDLED WITH
   2.6.9
